GIT
  remote: git@github.com:deanwhillier/gemoji.git
  revision: 3cc9d11d525821a41efad2a53124158d1a2d2a8e
  ref: 3cc9d11
  specs:
    gemoji (3.0.0)

GEM
  remote: https://rubygems.org/
  specs:
    chunky_png (1.3.8)
    fastimage (2.1.0)
    minitest (5.10.1)
    sprite-factory (1.7.1)

PLATFORMS
  ruby

DEPENDENCIES
  chunky_png
  fastimage
  gemoji!
  minitest
  sprite-factory

BUNDLED WITH
   2.0.1
